PATH
  remote: .
  specs:
    nationality (1.0.7)

GEM
  remote: https://rubygems.org/
  specs:
    byebug (11.0.1)
    coderay (1.1.2)
    diff-lcs (1.3)
    method_source (0.9.2)
    pry (0.12.2)
      coderay (~> 1.1.0)
      method_source (~> 0.9.0)
    pry-byebug (3.7.0)
      byebug (~> 11.0)
      pry (~> 0.10)
    pry-doc (1.0.0)
      pry (~> 0.11)
      yard (~> 0.9.11)
    rake (13.0.1)
    rspec (3.8.0)
      rspec-core (~> 3.8.0)
      rspec-expectations (~> 3.8.0)
      rspec-mocks (~> 3.8.0)
    rspec-core (3.8.0)
      rspec-support (~> 3.8.0)
    rspec-expectations (3.8.1)
      diff-lcs (>= 1.2.0, < 2.0)
      rspec-support (~> 3.8.0)
    rspec-mocks (3.8.0)
      diff-lcs (>= 1.2.0, < 2.0)
      rspec-support (~> 3.8.0)
    rspec-support (3.8.0)
    yard (0.9.22)

PLATFORMS
  ruby

DEPENDENCIES
  nationality!
  pry (~> 0.12.2, >= 0.12.2)
  pry-byebug (~> 3.7.0, >= 3.7.0)
  pry-doc (~> 1.0.0, >= 1.0.0)
  rake (~> 13.0.1, >= 12.3.1)
  rspec (~> 3.8.0, >= 3.8.0)

BUNDLED WITH
   1.16.4
