PATH
  remote: .
  specs:
    nationality (1.0.4)

GEM
  remote: https://rubygems.org/
  specs:
    byebug (10.0.2)
    coderay (1.1.2)
    diff-lcs (1.3)
    method_source (0.9.0)
    pry (0.11.3)
      coderay (~> 1.1.0)
      method_source (~> 0.9.0)
    pry-byebug (3.6.0)
      byebug (~> 10.0)
      pry (~> 0.10)
    pry-doc (0.13.4)
      pry (~> 0.11)
      yard (~> 0.9.11)
    rake (0.4.15)
    rspec (2.99.0)
      rspec-core (~> 2.99.0)
      rspec-expectations (~> 2.99.0)
      rspec-mocks (~> 2.99.0)
    rspec-core (2.99.2)
    rspec-expectations (2.99.2)
      diff-lcs (>= 1.1.3, < 2.0)
    rspec-mocks (2.99.4)
    yard (0.9.16)

PLATFORMS
  ruby

DEPENDENCIES
  nationality!
  pry (~> 0.11)
  pry-byebug (~> 3.5)
  pry-doc (~> 0.11)
  rake (~> 0.4.8)
  rspec (~> 2.13, >= 2.13.0)

BUNDLED WITH
   1.16.2
